GIT
  remote: https://github.com/codebrew/backbone-rails.git
  revision: 231090bd690cd365a9486c17b00eec1e73ec37ec
  specs:
    rails-backbone (1.2.2)
      coffee-rails
      ejs
      jquery-rails
      railties

GIT
  remote: https://github.com/sassafrastech/closure_tree.git
  revision: 531edabe1853a89f13ab595f660bb5926c895e58
  tag: v7.2.0-noReorder-fastInsert
  specs:
    closure_tree (7.2.0)
      activerecord (>= 4.2.10)
      with_advisory_lock (>= 4.0.0)

GIT
  remote: https://github.com/sassafrastech/odata_server.git
  revision: 7fabb551dc2cb6b11724eba7cf2e94322bc074f6
  branch: sassafras
  specs:
    odata_server (0.2.0)
      rails (>= 5.2)

GEM
  remote: http://rubygems.org/
  specs:
    actioncable (6.1.5.1)
      actionpack (= 6.1.5.1)
      activesupport (= 6.1.5.1)
      nio4r (~> 2.0)
      websocket-driver (>= 0.6.1)
    actionmailbox (6.1.5.1)
      actionpack (= 6.1.5.1)
      activejob (= 6.1.5.1)
      activerecord (= 6.1.5.1)
      activestorage (= 6.1.5.1)
      activesupport (= 6.1.5.1)
      mail (>= 2.7.1)
    actionmailer (6.1.5.1)
      actionpack (= 6.1.5.1)
      actionview (= 6.1.5.1)
      activejob (= 6.1.5.1)
      activesupport (= 6.1.5.1)
      mail (~> 2.5, >= 2.5.4)
      rails-dom-testing (~> 2.0)
    actionpack (6.1.5.1)
      actionview (= 6.1.5.1)
      activesupport (= 6.1.5.1)
      rack (~> 2.0, >= 2.0.9)
      rack-test (>= 0.6.3)
      rails-dom-testing (~> 2.0)
      rails-html-sanitizer (~> 1.0, >= 1.2.0)
    actionpack-page_caching (1.2.3)
      actionpack (>= 5.0.0)
    actiontext (6.1.5.1)
      actionpack (= 6.1.5.1)
      activerecord (= 6.1.5.1)
      activestorage (= 6.1.5.1)
      activesupport (= 6.1.5.1)
      nokogiri (>= 1.8.5)
    actionview (6.1.5.1)
      activesupport (= 6.1.5.1)
      builder (~> 3.1)
      erubi (~> 1.4)
      rails-dom-testing (~> 2.0)
      rails-html-sanitizer (~> 1.1, >= 1.2.0)
    active_storage_validations (0.9.3)
      rails (>= 5.2.0)
    activejob (6.1.5.1)
      activesupport (= 6.1.5.1)
      globalid (>= 0.3.6)
    activemodel (6.1.5.1)
      activesupport (= 6.1.5.1)
    activemodel-serializers-xml (1.0.2)
      activemodel (> 5.x)
      activesupport (> 5.x)
      builder (~> 3.1)
    activerecord (6.1.5.1)
      activemodel (= 6.1.5.1)
      activesupport (= 6.1.5.1)
    activestorage (6.1.5.1)
      actionpack (= 6.1.5.1)
      activejob (= 6.1.5.1)
      activerecord (= 6.1.5.1)
      activesupport (= 6.1.5.1)
      marcel (~> 1.0)
      mini_mime (>= 1.1.0)
    activesupport (6.1.5.1)
      concurrent-ruby (~> 1.0, >= 1.0.2)
      i18n (>= 1.6, < 2)
      minitest (>= 5.1)
      tzinfo (~> 2.0)
      zeitwerk (~> 2.3)
    acts_as_list (1.0.2)
      activerecord (>= 4.2)
    addressable (2.8.0)
      public_suffix (>= 2.0.2, < 5.0)
    ancestry (4.1.0)
      activerecord (>= 5.2.6)
    annotate (3.1.1)
      activerecord (>= 3.2, < 7.0)
      rake (>= 10.4, < 14.0)
    api-pagination (4.8.2)
    assert_difference (1.0.0)
      activesupport (>= 3.0.0)
    ast (2.4.2)
    attribute_normalizer (1.2.0)
    authlogic (6.4.0)
      activemodel (>= 5.2, < 6.2)
      activerecord (>= 5.2, < 6.2)
      activesupport (>= 5.2, < 6.2)
      request_store (~> 1.0)
    autoprefixer-rails (10.0.2.0)
      execjs
    awesome_print (1.8.0)
    aws-eventstream (1.1.0)
    aws-partitions (1.402.0)
    aws-sdk-core (3.109.3)
      aws-eventstream (~> 1, >= 1.0.2)
      aws-partitions (~> 1, >= 1.239.0)
      aws-sigv4 (~> 1.1)
      jmespath (~> 1.0)
    aws-sdk-kms (1.39.0)
      aws-sdk-core (~> 3, >= 3.109.0)
      aws-sigv4 (~> 1.1)
    aws-sdk-s3 (1.86.0)
      aws-sdk-core (~> 3, >= 3.109.0)
      aws-sdk-kms (~> 1)
      aws-sigv4 (~> 1.1)
    aws-sigv4 (1.2.2)
      aws-eventstream (~> 1, >= 1.0.2)
    azure-storage-blob (2.0.3)
      azure-storage-common (~> 2.0)
      nokogiri (~> 1, >= 1.10.8)
    azure-storage-common (2.0.4)
      faraday (~> 1.0)
      faraday_middleware (~> 1.0, >= 1.0.0.rc1)
      net-http-persistent (~> 4.0)
      nokogiri (~> 1, >= 1.10.8)
    babel-source (5.8.35)
    babel-transpiler (0.7.0)
      babel-source (>= 4.0, < 6)
      execjs (~> 2.0)
    binding_of_caller (0.8.0)
      debug_inspector (>= 0.0.1)
    bluecloth (2.2.0)
    blueprinter (0.25.1)
    bootsnap (1.5.1)
      msgpack (~> 1.0)
    bootstrap (4.5.3)
      autoprefixer-rails (>= 9.1.0)
      popper_js (>= 1.14.3, < 2)
      sassc-rails (>= 2.0.0)
    builder (3.2.4)
    bullet (6.1.3)
      activesupport (>= 3.0.0)
      uniform_notifier (~> 1.11)
    byebug (11.1.3)
    cancancan (3.2.1)
    capybara (3.33.0)
      addressable
      mini_mime (>= 0.1.3)
      nokogiri (~> 1.8)
      rack (>= 1.6.0)
      rack-test (>= 0.6.3)
      regexp_parser (~> 1.5)
      xpath (~> 3.2)
    capybara-screenshot (1.0.25)
      capybara (>= 1.0, < 4)
      launchy
    childprocess (3.0.0)
    choice (0.2.0)
    chronic (0.10.2)
    chunky_png (1.3.14)
    clipboard-rails (1.7.1)
    coderay (1.1.3)
    coffee-rails (5.0.0)
      coffee-script (>= 2.2.0)
      railties (>= 5.2.0)
    coffee-script (2.4.1)
      coffee-script-source
      execjs
    coffee-script-source (1.12.2)
    concurrent-ruby (1.1.10)
    connection_pool (2.2.5)
    crack (0.4.4)
    crass (1.0.6)
    daemons (1.3.1)
    dalli (2.7.11)
    database_cleaner (1.8.5)
    db-query-matchers (0.10.0)
      activesupport (>= 4.0, < 7)
      rspec (~> 3.0)
    debug_inspector (0.0.3)
    delayed_job (4.1.9)
      activesupport (>= 3.0, < 6.2)
    delayed_job_active_record (4.1.5)
      activerecord (>= 3.0, < 6.2)
      delayed_job (>= 3.0, < 5)
    descriptive_statistics (2.5.1)
    diff-lcs (1.4.4)
    domain_name (0.5.20190701)
      unf (>= 0.0.5, < 1.0.0)
    dotenv (2.7.6)
    dotenv-rails (2.7.6)
      dotenv (= 2.7.6)
      railties (>= 3.2)
    draper (4.0.1)
      actionpack (>= 5.0)
      activemodel (>= 5.0)
      activemodel-serializers-xml (>= 1.0)
      activesupport (>= 5.0)
      request_store (>= 1.0)
    draper-cancancan (1.1.1)
    dropzonejs-rails (0.8.5)
      rails (> 3.1)
    ejs (1.1.1)
    erubi (1.10.0)
    eventmachine (1.2.7)
    exception_notification (4.4.3)
      actionmailer (>= 4.0, < 7)
      activesupport (>= 4.0, < 7)
    execjs (2.7.0)
    factory_bot (4.11.1)
      activesupport (>= 3.0.0)
    factory_bot_rails (4.11.1)
      factory_bot (~> 4.11.1)
      railties (>= 3.0.0)
    faker (2.2.1)
      i18n (>= 0.8)
    faraday (1.8.0)
      faraday-em_http (~> 1.0)
      faraday-em_synchrony (~> 1.0)
      faraday-excon (~> 1.1)
      faraday-httpclient (~> 1.0.1)
      faraday-net_http (~> 1.0)
      faraday-net_http_persistent (~> 1.1)
      faraday-patron (~> 1.0)
      faraday-rack (~> 1.0)
      multipart-post (>= 1.2, < 3)
      ruby2_keywords (>= 0.0.4)
    faraday-em_http (1.0.0)
    faraday-em_synchrony (1.0.0)
    faraday-excon (1.1.0)
    faraday-httpclient (1.0.1)
    faraday-net_http (1.0.1)
    faraday-net_http_persistent (1.2.0)
    faraday-patron (1.0.0)
    faraday-rack (1.0.0)
    faraday_middleware (1.2.0)
      faraday (~> 1.0)
    ffi (1.15.5)
    ffi-compiler (1.0.1)
      ffi (>= 1.0.0)
      rake
    fix-db-schema-conflicts (3.0.3)
      rubocop (>= 0.38.0)
    font-awesome-rails (4.7.0.6)
      railties (>= 3.2, < 6.2)
    friendly_id (5.4.1)
      activerecord (>= 4.0.0)
    globalid (1.0.0)
      activesupport (>= 5.0)
    hairtrigger (0.2.24)
      activerecord (>= 5.0, < 7)
      ruby2ruby (~> 2.4)
      ruby_parser (~> 3.10)
    hashdiff (1.0.1)
    http-accept (1.7.0)
    http-cookie (1.0.3)
      domain_name (~> 0.5)
    i18n (1.10.0)
      concurrent-ruby (~> 1.0)
    i18n-country-translations (1.4.1)
      i18n (>= 0.9.3, < 2)
      railties (>= 5.0)
    i18n-js (3.8.0)
      i18n (>= 0.6.6)
    image_processing (1.12.2)
      mini_magick (>= 4.9.5, < 5)
      ruby-vips (>= 2.0.17, < 3)
    immigrant (0.3.6)
      activerecord (>= 3.0)
    iso-639 (0.3.5)
    jasmine-core (3.6.0)
    jasmine-rails (0.15.0)
      jasmine-core (>= 1.3, < 4.0)
      phantomjs (>= 1.9)
      railties (>= 3.2.0)
      sprockets-rails
    jmespath (1.6.1)
    jquery-fileupload-rails (1.0.0)
      actionpack (>= 3.1)
      railties (>= 3.1)
      sassc
    jquery-rails (4.4.0)
      rails-dom-testing (>= 1, < 3)
      railties (>= 4.2.0)
      thor (>= 0.14, < 2.0)
    json (2.3.1)
    jwt (1.5.6)
    launchy (2.5.0)
      addressable (~> 2.7)
    letter_opener (1.7.0)
      launchy (~> 2.2)
    listen (3.3.1)
      rb-fsevent (~> 0.10, >= 0.10.3)
      rb-inotify (~> 0.9, >= 0.9.10)
    loofah (2.18.0)
      crass (~> 1.0.2)
      nokogiri (>= 1.5.9)
    mail (2.7.1)
      mini_mime (>= 0.1.1)
    marcel (1.0.2)
    method_source (1.0.0)
    mime-types (3.3.1)
      mime-types-data (~> 3.2015)
    mime-types-data (3.2020.1104)
    mini_magick (4.11.0)
    mini_mime (1.1.2)
    mini_portile2 (2.8.0)
    minitest (5.15.0)
    mocha (1.11.2)
    msgpack (1.3.3)
    multi_json (1.15.0)
    multipart-post (2.1.1)
    net-http-persistent (4.0.1)
      connection_pool (~> 2.2)
    netrc (0.11.0)
    nio4r (2.5.8)
    nokogiri (1.13.6)
      mini_portile2 (~> 2.8.0)
      racc (~> 1.4)
    parallel (1.20.1)
    parser (3.0.0.0)
      ast (~> 2.4.1)
    pg (1.2.3)
    pg_search (2.3.5)
      activerecord (>= 5.2)
      activesupport (>= 5.2)
    phantomjs (2.1.1.0)
    phony (2.18.15)
    popper_js (1.16.0)
    postgres-copy (1.5.0)
      activerecord (>= 5.1)
      pg (>= 0.17)
      responders
    pry (0.13.1)
      coderay (~> 1.1)
      method_source (~> 1.0)
    pry-byebug (3.9.0)
      byebug (~> 11.0)
      pry (~> 0.13.0)
    pry-rails (0.3.9)
      pry (>= 0.10.4)
    public_suffix (4.0.6)
    puma (5.6.4)
      nio4r (~> 2.0)
    racc (1.6.0)
    rack (2.2.3.1)
    rack-attack (6.5.0)
      rack (>= 1.0, < 3)
    rack-proxy (0.6.5)
      rack
    rack-test (1.1.0)
      rack (>= 1.0, < 3)
    rails (6.1.5.1)
      actioncable (= 6.1.5.1)
      actionmailbox (= 6.1.5.1)
      actionmailer (= 6.1.5.1)
      actionpack (= 6.1.5.1)
      actiontext (= 6.1.5.1)
      actionview (= 6.1.5.1)
      activejob (= 6.1.5.1)
      activemodel (= 6.1.5.1)
      activerecord (= 6.1.5.1)
      activestorage (= 6.1.5.1)
      activesupport (= 6.1.5.1)
      bundler (>= 1.15.0)
      railties (= 6.1.5.1)
      sprockets-rails (>= 2.0.0)
    rails-controller-testing (1.0.5)
      actionpack (>= 5.0.1.rc1)
      actionview (>= 5.0.1.rc1)
      activesupport (>= 5.0.1.rc1)
    rails-dom-testing (2.0.3)
      activesupport (>= 4.2.0)
      nokogiri (>= 1.6)
    rails-erd (1.6.1)
      activerecord (>= 4.2)
      activesupport (>= 4.2)
      choice (~> 0.2.0)
      ruby-graphviz (~> 1.2)
    rails-html-sanitizer (1.4.3)
      loofah (~> 2.3)
    rails-i18n (6.0.0)
      i18n (>= 0.7, < 2)
      railties (>= 6.0.0, < 7)
    railties (6.1.5.1)
      actionpack (= 6.1.5.1)
      activesupport (= 6.1.5.1)
      method_source
      rake (>= 12.2)
      thor (~> 1.0)
    rainbow (3.0.0)
    rake (13.0.6)
    random_data (1.6.0)
    rb-fsevent (0.10.4)
    rb-inotify (0.10.1)
      ffi (~> 1.0)
    rdiscount (2.2.0.2)
    react-rails (2.6.1)
      babel-transpiler (>= 0.7.0)
      connection_pool
      execjs
      railties (>= 3.2)
      tilt
    recaptcha (3.4.0)
      json
    regexp_parser (1.8.2)
    request_store (1.5.0)
      rack (>= 1.4)
    responders (3.0.1)
      actionpack (>= 5.0)
      railties (>= 5.0)
    rest-client (2.1.0)
      http-accept (>= 1.7.0, < 2.0)
      http-cookie (>= 1.0.2, < 2.0)
      mime-types (>= 1.16, < 4.0)
      netrc (~> 0.8)
    reverse_markdown (2.0.0)
      nokogiri
    rexml (3.2.5)
    rqrcode (1.1.2)
      chunky_png (~> 1.0)
      rqrcode_core (~> 0.1)
    rqrcode_core (0.1.2)
    rspec (3.9.0)
      rspec-core (~> 3.9.0)
      rspec-expectations (~> 3.9.0)
      rspec-mocks (~> 3.9.0)
    rspec-collection_matchers (1.2.0)
      rspec-expectations (>= 2.99.0.beta1)
    rspec-core (3.9.3)
      rspec-support (~> 3.9.3)
    rspec-expectations (3.9.4)
      diff-lcs (>= 1.2.0, < 2.0)
      rspec-support (~> 3.9.0)
    rspec-github (2.3.1)
      rspec-core (~> 3.0)
    rspec-mocks (3.9.1)
      diff-lcs (>= 1.2.0, < 2.0)
      rspec-support (~> 3.9.0)
    rspec-rails (3.9.1)
      actionpack (>= 3.0)
      activesupport (>= 3.0)
      railties (>= 3.0)
      rspec-core (~> 3.9.0)
      rspec-expectations (~> 3.9.0)
      rspec-mocks (~> 3.9.0)
      rspec-support (~> 3.9.0)
    rspec-support (3.9.4)
    rubocop (1.5.2)
      parallel (~> 1.10)
      parser (>= 2.7.1.5)
      rainbow (>= 2.2.2, < 4.0)
      regexp_parser (>= 1.8, < 3.0)
      rexml
      rubocop-ast (>= 1.2.0, < 2.0)
      ruby-progressbar (~> 1.7)
      unicode-display_width (>= 1.4.0, < 2.0)
    rubocop-ast (1.4.1)
      parser (>= 2.7.1.5)
    rubocop-rails (2.9.1)
      activesupport (>= 4.2.0)
      rack (>= 1.1)
      rubocop (>= 0.90.0, < 2.0)
    rubocop-rake (0.5.1)
      rubocop
    rubocop-rspec (2.1.0)
      rubocop (~> 1.0)
      rubocop-ast (>= 1.1.0)
    ruby-graphviz (1.2.5)
      rexml
    ruby-jmeter (3.1.08)
      nokogiri
      rest-client
    ruby-progressbar (1.11.0)
    ruby-vips (2.1.4)
      ffi (~> 1.12)
    ruby2_keywords (0.0.5)
    ruby2ruby (2.4.4)
      ruby_parser (~> 3.1)
      sexp_processor (~> 4.6)
    ruby_parser (3.16.0)
      sexp_processor (~> 4.15, >= 4.15.1)
    rubyzip (2.3.0)
    sassc (2.4.0)
      ffi (~> 1.9)
    sassc-rails (2.1.2)
      railties (>= 4.0.0)
      sassc (>= 2.0)
      sprockets (> 3.0)
      sprockets-rails
      tilt
    scout_apm (4.0.4)
      parser
    scrypt (3.0.7)
      ffi-compiler (>= 1.0, < 2.0)
    select2-rails (4.0.13)
    selenium-webdriver (3.142.7)
      childprocess (>= 0.5, < 4.0)
      rubyzip (>= 1.2.2)
    sentry-rails (4.1.2)
      rails (>= 5.0)
      sentry-ruby (~> 4.1.2)
    sentry-ruby (4.1.2)
      concurrent-ruby (~> 1.0, >= 1.0.2)
      faraday (>= 1.0)
    sexp_processor (4.15.3)
    spinjs-rails (1.3)
      rails (>= 3.1)
    sprockets (3.7.2)
      concurrent-ruby (~> 1.0)
      rack (> 1, < 3)
    sprockets-rails (3.4.2)
      actionpack (>= 5.2)
      activesupport (>= 5.2)
      sprockets (>= 3.0.0)
    sync (0.5.0)
    sys-filesystem (1.4.1)
      ffi (~> 1.1)
    term-ansicolor (1.7.1)
      tins (~> 1.0)
    thor (1.2.1)
    tilt (2.0.10)
    timecop (0.9.2)
    tins (1.26.0)
      sync
    twilio-ruby (4.13.0)
      builder (>= 2.1.2)
      jwt (~> 1.0)
      multi_json (>= 1.3.0)
    tzinfo (2.0.4)
      concurrent-ruby (~> 1.0)
    uglifier (4.2.0)
      execjs (>= 0.3.0, < 3)
    unf (0.1.4)
      unf_ext
    unf_ext (0.0.7.7)
    unicode-display_width (1.7.0)
    uniform_notifier (1.13.2)
    vcr (6.0.0)
    versionist (2.0.1)
      activesupport (>= 3)
      railties (>= 3)
      yard (~> 0.9.20)
    webdrivers (4.4.1)
      nokogiri (~> 1.6)
      rubyzip (>= 1.3.0)
      selenium-webdriver (>= 3.0, < 4.0)
    webmock (3.10.0)
      addressable (>= 2.3.6)
      crack (>= 0.3.2)
      hashdiff (>= 0.4.0, < 2.0.0)
    webpacker (4.3.0)
      activesupport (>= 4.2)
      rack-proxy (>= 0.6.1)
      railties (>= 4.2)
    websocket-driver (0.7.5)
      websocket-extensions (>= 0.1.0)
    websocket-extensions (0.1.5)
    whenever (1.0.0)
      chronic (>= 0.6.3)
    will_paginate (3.3.0)
    will_paginate-bootstrap4 (0.2.2)
      will_paginate (~> 3.0, >= 3.0.0)
    wisper (2.0.1)
    wisper-activerecord (1.0.0)
      activerecord (>= 3.0.0)
      wisper (~> 2.0)
    with_advisory_lock (4.6.0)
      activerecord (>= 4.2)
    xpath (3.2.0)
      nokogiri (~> 1.8)
    yard (0.9.25)
    zeitwerk (2.5.4)

PLATFORMS
  ruby

DEPENDENCIES
  actionpack-page_caching (~> 1.1)
  active_storage_validations (~> 0.9.3)
  acts_as_list
  ancestry (~> 4.1)
  annotate (~> 3.1)
  api-pagination (~> 4.1)
  assert_difference (~> 1.0)
  attribute_normalizer (~> 1.2)
  authlogic (~> 6.1)
  awesome_print (~> 1.6)
  aws-sdk-s3 (~> 1.86)
  azure-storage-blob (~> 2.0)
  binding_of_caller (~> 0.8.0)
  bluecloth (~> 2.2)
  blueprinter (~> 0.25.1)
  bootsnap (~> 1.4)
  bootstrap (~> 4.3)
  bullet (~> 6.1)
  cancancan (~> 3.1)
  capybara (~> 3.30)
  capybara-screenshot (~> 1.0)
  clipboard-rails (~> 1.7)
  closure_tree!
  daemons (~> 1.2)
  dalli (~> 2.7)
  database_cleaner (~> 1.7)
  db-query-matchers (~> 0.10)
  delayed_job_active_record (~> 4.1)
  descriptive_statistics (~> 2.5)
  dotenv-rails (~> 2.7)
  draper (~> 4.0)
  draper-cancancan (~> 1.1)
  dropzonejs-rails (~> 0.8.5)
  eventmachine (~> 1.2)
  exception_notification (~> 4.2)
  factory_bot_rails (~> 4.11)
  faker (~> 2.2)
  fix-db-schema-conflicts (~> 3.0)
  font-awesome-rails (~> 4.7)
  friendly_id (~> 5.1)
  hairtrigger (~> 0.2.20)
  i18n-country-translations (~> 1.0)
  i18n-js (~> 3.0)
  image_processing (~> 1.12)
  immigrant (~> 0.3.1)
  iso-639 (~> 0.3.5)
  jasmine-rails (~> 0.15.0)
  jquery-fileupload-rails (~> 1.0)
  jquery-rails (~> 4.3)
  launchy (~> 2.5)
  letter_opener (~> 1.4)
  listen (~> 3.0)
  mocha (~> 1.1)
  odata_server!
  parallel (~> 1.19)
  pg (~> 1.2)
  pg_search (~> 2.1)
  phony (~> 2.15)
  popper_js (~> 1.14)
  postgres-copy (~> 1.0)
  pry (~> 0.13)
  pry-byebug (~> 3.9)
  pry-rails (~> 0.3)
  puma (~> 5.6)
  rack-attack (~> 6.3)
  rails (~> 6.1.1)
  rails-backbone!
  rails-controller-testing (~> 1.0)
  rails-erd (~> 1.6)
  rails-i18n (~> 6.0)
  rake (~> 13.0)
  random_data (~> 1.6)
  rdiscount (~> 2.1)
  react-rails (~> 2.4)
  recaptcha (~> 3.4)
  responders (~> 3.0)
  reverse_markdown (~> 2.0)
  rqrcode (~> 1.1)
  rspec-collection_matchers (~> 1.1)
  rspec-github
  rspec-rails (~> 3.9)
  rubocop (= 1.5.2)
  rubocop-rails (~> 2.8)
  rubocop-rake (~> 0.5.1)
  rubocop-rspec (~> 2.0)
  ruby-jmeter (~> 3.1)
  rubyzip (~> 2.3)
  scout_apm (~> 4.0)
  scrypt (~> 3.0)
  select2-rails (~> 4.0)
  selenium-webdriver (~> 3.9)
  sentry-rails (~> 4.0)
  sentry-ruby (~> 4.0)
  spinjs-rails (~> 1.3.0)
  sprockets (~> 3)
  sys-filesystem (~> 1.4)
  term-ansicolor (~> 1.3)
  thor (~> 1.0)
  timecop (~> 0.9.2)
  twilio-ruby (~> 4.2)
  uglifier (~> 4.2)
  vcr (~> 6.0)
  versionist (~> 2.0)
  webdrivers (~> 4.0)
  webmock (~> 3.10)
  webpacker (~> 4.2)
  whenever (~> 1.0)
  will_paginate (~> 3.1)
  will_paginate-bootstrap4 (~> 0.2.2)
  wisper (~> 2.0)
  wisper-activerecord (~> 1.0)

BUNDLED WITH
   2.1.4
